GIT
  remote: https://github.com/SBR2015/ootalk-syntaxlist.git
  revision: 20174a7109e4ec731eb7b2542a8f806effa061de
  tag: v1.1.3
  specs:
    ootalk-syntaxlist (1.1.2)

GEM
  remote: https://rubygems.org/
  specs:
    backports (3.6.7)
    multi_json (1.11.2)
    puma (2.15.3)
    rack (1.6.4)
    rack-cors (0.4.0)
    rack-protection (1.5.3)
      rack
    rack-test (0.6.3)
      rack (>= 1.0)
    sinatra (1.4.6)
      rack (~> 1.4)
      rack-protection (~> 1.4)
      tilt (>= 1.3, < 3)
    sinatra-contrib (1.4.6)
      backports (>= 2.0)
      multi_json
      rack-protection
      rack-test
      sinatra (~> 1.4.0)
      tilt (>= 1.3, < 3)
    tilt (2.0.2)

PLATFORMS
  ruby

DEPENDENCIES
  ootalk-syntaxlist!
  puma
  rack-cors
  sinatra
  sinatra-contrib

BUNDLED WITH
   1.10.6
