GIT
  remote: https://github.com/SBR2015/ootalk-syntaxlist.git
  revision: eaea3d417f036701c1002e1f6e2d665fdde8f223
  specs:
    ootalk-syntaxlist (1.1.2)

GEM
  remote: https://rubygems.org/
  specs:
    backports (3.6.8)
    multi_json (1.11.2)
    power_assert (0.2.7)
    puma (2.16.0)
    rack (1.6.4)
    rack-cors (0.4.0)
    rack-protection (1.5.3)
      rack
    rack-test (0.6.3)
      rack (>= 1.0)
    rake (10.5.0)
    sinatra (1.4.7)
      rack (~> 1.5)
      rack-protection (~> 1.4)
      tilt (>= 1.3, < 3)
    sinatra-contrib (1.4.6)
      backports (>= 2.0)
      multi_json
      rack-protection
      rack-test
      sinatra (~> 1.4.0)
      tilt (>= 1.3, < 3)
    test-unit (3.1.7)
      power_assert
    tilt (2.0.2)

PLATFORMS
  ruby

DEPENDENCIES
  ootalk-syntaxlist!
  puma
  rack-cors
  rake
  sinatra
  sinatra-contrib
  test-unit

BUNDLED WITH
   1.11.2
